

GROUP DotnetClient
STORAGE: NONE
RESTRICTION: || (== net50) (== netstandard2.0)
NUGET
  remote: https://api.nuget.org/v3/index.json
    Elmish (3.1)
      FSharp.Core (>= 4.6.2)
    Fable.Remoting.Json (2.13)
      FSharp.Core (>= 4.7.2)
      Newtonsoft.Json (>= 12.0.2)
    FSharp.Core (5.0)
    Microsoft.NETCore.Platforms (5.0)
    Microsoft.NETCore.Targets (5.0)
    Microsoft.Win32.Primitives (4.3)
      Microsoft.NETCore.Platforms (>= 1.1)
      Microsoft.NETCore.Targets (>= 1.1)
      System.Runtime (>= 4.3)
    Newtonsoft.Json (12.0.3)
    System.Globalization (4.3)
      Microsoft.NETCore.Platforms (>= 1.1)
      Microsoft.NETCore.Targets (>= 1.1)
      System.Runtime (>= 4.3)
    System.IO (4.3)
      Microsoft.NETCore.Platforms (>= 1.1)
      Microsoft.NETCore.Targets (>= 1.1)
      System.Runtime (>= 4.3)
      System.Text.Encoding (>= 4.3)
      System.Threading.Tasks (>= 4.3)
    System.Net.WebSockets (4.3)
      Microsoft.Win32.Primitives (>= 4.3)
      System.Resources.ResourceManager (>= 4.3)
      System.Runtime (>= 4.3)
      System.Threading.Tasks (>= 4.3)
    System.Reflection (4.3)
      Microsoft.NETCore.Platforms (>= 1.1)
      Microsoft.NETCore.Targets (>= 1.1)
      System.IO (>= 4.3)
      System.Reflection.Primitives (>= 4.3)
      System.Runtime (>= 4.3)
    System.Reflection.Primitives (4.3)
      Microsoft.NETCore.Platforms (>= 1.1)
      Microsoft.NETCore.Targets (>= 1.1)
      System.Runtime (>= 4.3)
    System.Resources.ResourceManager (4.3)
      Microsoft.NETCore.Platforms (>= 1.1)
      Microsoft.NETCore.Targets (>= 1.1)
      System.Globalization (>= 4.3)
      System.Reflection (>= 4.3)
      System.Runtime (>= 4.3)
    System.Runtime (4.3.1)
      Microsoft.NETCore.Platforms (>= 1.1.1)
      Microsoft.NETCore.Targets (>= 1.1.3)
    System.Text.Encoding (4.3)
      Microsoft.NETCore.Platforms (>= 1.1)
      Microsoft.NETCore.Targets (>= 1.1)
      System.Runtime (>= 4.3)
    System.Threading.Tasks (4.3)
      Microsoft.NETCore.Platforms (>= 1.1)
      Microsoft.NETCore.Targets (>= 1.1)
      System.Runtime (>= 4.3)

GROUP Fabulous
STORAGE: NONE
NUGET
  remote: https://api.nuget.org/v3/index.json
    Fable.Remoting.Json (2.13)
      FSharp.Core (>= 4.7.2) - restriction: || (>= net45) (>= netstandard2.0)
      Newtonsoft.Json (>= 12.0.2) - restriction: || (>= net45) (>= netstandard2.0)
    Fabulous.Core (0.36)
      Fabulous.CustomControls (>= 0.36) - restriction: >= netstandard2.0
      FSharp.Core (>= 4.5.2) - restriction: >= netstandard2.0
      Xamarin.Forms (>= 4.0.0.425677) - restriction: >= netstandard2.0
    Fabulous.CustomControls (0.36) - restriction: >= netstandard2.0
      FSharp.Core (>= 4.5.2) - restriction: >= netstandard2.0
      Xamarin.Forms (>= 4.0.0.425677) - restriction: >= netstandard2.0
    FSharp.Core (5.0) - restriction: || (>= net45) (>= netstandard2.0)
    Microsoft.NETCore.Platforms (5.0) - restriction: || (&& (< monoandroid) (< monotouch) (< net45) (>= netstandard1.5) (< win8) (< wpa81) (< xamarinios) (< xamarinmac) (< xamarintvos) (< xamarinwatchos)) (&& (< monoandroid) (< monotouch) (< net46) (>= netstandard1.3) (< xamarinios) (< xamarinmac) (< xamarintvos) (< xamarinwatchos)) (&& (< monoandroid) (< net45) (< netstandard1.2) (>= netstandard1.3) (< win8)) (&& (< monoandroid) (< net45) (>= netstandard1.3) (< netstandard1.5) (< win8) (< wpa81))
    Microsoft.NETCore.Targets (5.0) - restriction: || (&& (< monoandroid) (< monotouch) (< net45) (>= netstandard1.5) (< win8) (< wpa81) (< xamarinios) (< xamarinmac) (< xamarintvos) (< xamarinwatchos)) (&& (< monoandroid) (< monotouch) (< net46) (>= netstandard1.3) (< xamarinios) (< xamarinmac) (< xamarintvos) (< xamarinwatchos)) (&& (< monoandroid) (< net45) (< netstandard1.2) (>= netstandard1.3) (< win8)) (&& (< monoandroid) (< net45) (>= netstandard1.3) (< netstandard1.5) (< win8) (< wpa81))
    Microsoft.Win32.Primitives (4.3) - restriction: && (< monoandroid) (< monotouch) (< net46) (>= netstandard1.3) (< xamarinios) (< xamarinmac) (< xamarintvos) (< xamarinwatchos)
      Microsoft.NETCore.Platforms (>= 1.1) - restriction: && (< monoandroid) (< monotouch) (< net46) (>= netstandard1.3) (< xamarinios) (< xamarinmac) (< xamarintvos) (< xamarinwatchos)
      Microsoft.NETCore.Targets (>= 1.1) - restriction: && (< monoandroid) (< monotouch) (< net46) (>= netstandard1.3) (< xamarinios) (< xamarinmac) (< xamarintvos) (< xamarinwatchos)
      System.Runtime (>= 4.3) - restriction: && (< monoandroid) (< monotouch) (< net46) (>= netstandard1.3) (< xamarinios) (< xamarinmac) (< xamarintvos) (< xamarinwatchos)
    Newtonsoft.Json (12.0.3) - restriction: || (>= net45) (>= netstandard2.0)
    System.Globalization (4.3) - restriction: && (< monoandroid) (< monotouch) (< net45) (>= netstandard1.3) (< win8) (< wpa81) (< xamarinios) (< xamarinmac) (< xamarintvos) (< xamarinwatchos)
      Microsoft.NETCore.Platforms (>= 1.1) - restriction: || (&& (< monoandroid) (< monotouch) (< net45) (>= netstandard1.3) (< win8) (< wpa81) (< xamarinios) (< xamarinmac) (< xamarintvos) (< xamarinwatchos)) (&& (< monoandroid) (< net45) (>= netstandard1.0) (< netstandard1.3) (< win8) (< wp8) (< wpa81))
      Microsoft.NETCore.Targets (>= 1.1) - restriction: || (&& (< monoandroid) (< monotouch) (< net45) (>= netstandard1.3) (< win8) (< wpa81) (< xamarinios) (< xamarinmac) (< xamarintvos) (< xamarinwatchos)) (&& (< monoandroid) (< net45) (>= netstandard1.0) (< netstandard1.3) (< win8) (< wp8) (< wpa81))
      System.Runtime (>= 4.3) - restriction: || (&& (< monoandroid) (< monotouch) (< net45) (>= netstandard1.3) (< win8) (< wpa81) (< xamarinios) (< xamarinmac) (< xamarintvos) (< xamarinwatchos)) (&& (< monoandroid) (< net45) (>= netstandard1.0) (< netstandard1.3) (< win8) (< wp8) (< wpa81))
    System.IO (4.3) - restriction: || (&& (< monoandroid) (< monotouch) (< net45) (>= netstandard1.5) (< win8) (< wpa81) (< xamarinios) (< xamarinmac) (< xamarintvos) (< xamarinwatchos)) (&& (< monoandroid) (< net45) (>= netstandard1.3) (< netstandard1.5) (< win8) (< wpa81))
      Microsoft.NETCore.Platforms (>= 1.1) - restriction: || (&& (< monoandroid) (< monotouch) (< net45) (>= netstandard1.5) (< win8) (< wpa81) (< xamarinios) (< xamarinmac) (< xamarintvos) (< xamarinwatchos)) (&& (< monoandroid) (< net45) (>= netstandard1.0) (< netstandard1.3) (< win8) (< wp8) (< wpa81)) (&& (< monoandroid) (< net45) (>= netstandard1.3) (< netstandard1.5) (< win8) (< wpa81))
      Microsoft.NETCore.Targets (>= 1.1) - restriction: || (&& (< monoandroid) (< monotouch) (< net45) (>= netstandard1.5) (< win8) (< wpa81) (< xamarinios) (< xamarinmac) (< xamarintvos) (< xamarinwatchos)) (&& (< monoandroid) (< net45) (>= netstandard1.0) (< netstandard1.3) (< win8) (< wp8) (< wpa81)) (&& (< monoandroid) (< net45) (>= netstandard1.3) (< netstandard1.5) (< win8) (< wpa81))
      System.Runtime (>= 4.3) - restriction: || (&& (< monoandroid) (< monotouch) (< net45) (>= netstandard1.5) (< win8) (< wpa81) (< xamarinios) (< xamarinmac) (< xamarintvos) (< xamarinwatchos)) (&& (< monoandroid) (< net45) (>= netstandard1.0) (< netstandard1.3) (< win8) (< wp8) (< wpa81)) (&& (< monoandroid) (< net45) (>= netstandard1.3) (< netstandard1.5) (< win8) (< wpa81))
      System.Text.Encoding (>= 4.3) - restriction: || (&& (< monoandroid) (< monotouch) (< net45) (>= netstandard1.5) (< win8) (< wpa81) (< xamarinios) (< xamarinmac) (< xamarintvos) (< xamarinwatchos)) (&& (< monoandroid) (< net45) (>= netstandard1.0) (< netstandard1.3) (< win8) (< wp8) (< wpa81)) (&& (< monoandroid) (< net45) (>= netstandard1.3) (< netstandard1.5) (< win8) (< wpa81))
      System.Threading.Tasks (>= 4.3) - restriction: || (&& (< monoandroid) (< monotouch) (< net45) (>= netstandard1.5) (< win8) (< wpa81) (< xamarinios) (< xamarinmac) (< xamarintvos) (< xamarinwatchos)) (&& (< monoandroid) (< net45) (>= netstandard1.0) (< netstandard1.3) (< win8) (< wp8) (< wpa81)) (&& (< monoandroid) (< net45) (>= netstandard1.3) (< netstandard1.5) (< win8) (< wpa81))
    System.Net.WebSockets (4.3)
      Microsoft.Win32.Primitives (>= 4.3) - restriction: && (< monoandroid) (< monotouch) (< net46) (>= netstandard1.3) (< xamarinios) (< xamarinmac) (< xamarintvos) (< xamarinwatchos)
      System.Resources.ResourceManager (>= 4.3) - restriction: && (< monoandroid) (< monotouch) (< net46) (>= netstandard1.3) (< xamarinios) (< xamarinmac) (< xamarintvos) (< xamarinwatchos)
      System.Runtime (>= 4.3) - restriction: && (< monoandroid) (< monotouch) (< net46) (>= netstandard1.3) (< xamarinios) (< xamarinmac) (< xamarintvos) (< xamarinwatchos)
      System.Threading.Tasks (>= 4.3) - restriction: && (< monoandroid) (< monotouch) (< net46) (>= netstandard1.3) (< xamarinios) (< xamarinmac) (< xamarintvos) (< xamarinwatchos)
    System.Reflection (4.3) - restriction: && (< monoandroid) (< monotouch) (< net45) (>= netstandard1.3) (< win8) (< wpa81) (< xamarinios) (< xamarinmac) (< xamarintvos) (< xamarinwatchos)
      Microsoft.NETCore.Platforms (>= 1.1) - restriction: || (&& (< monoandroid) (< monotouch) (< net45) (>= netstandard1.5) (< win8) (< wpa81) (< xamarinios) (< xamarinmac) (< xamarintvos) (< xamarinwatchos)) (&& (< monoandroid) (< net45) (>= netstandard1.0) (< netstandard1.3) (< win8) (< wp8) (< wpa81)) (&& (< monoandroid) (< net45) (>= netstandard1.3) (< netstandard1.5) (< win8) (< wpa81))
      Microsoft.NETCore.Targets (>= 1.1) - restriction: || (&& (< monoandroid) (< monotouch) (< net45) (>= netstandard1.5) (< win8) (< wpa81) (< xamarinios) (< xamarinmac) (< xamarintvos) (< xamarinwatchos)) (&& (< monoandroid) (< net45) (>= netstandard1.0) (< netstandard1.3) (< win8) (< wp8) (< wpa81)) (&& (< monoandroid) (< net45) (>= netstandard1.3) (< netstandard1.5) (< win8) (< wpa81))
      System.IO (>= 4.3) - restriction: || (&& (< monoandroid) (< monotouch) (< net45) (>= netstandard1.5) (< win8) (< wpa81) (< xamarinios) (< xamarinmac) (< xamarintvos) (< xamarinwatchos)) (&& (< monoandroid) (< net45) (>= netstandard1.0) (< netstandard1.3) (< win8) (< wp8) (< wpa81)) (&& (< monoandroid) (< net45) (>= netstandard1.3) (< netstandard1.5) (< win8) (< wpa81))
      System.Reflection.Primitives (>= 4.3) - restriction: || (&& (< monoandroid) (< monotouch) (< net45) (>= netstandard1.5) (< win8) (< wpa81) (< xamarinios) (< xamarinmac) (< xamarintvos) (< xamarinwatchos)) (&& (< monoandroid) (< net45) (>= netstandard1.0) (< netstandard1.3) (< win8) (< wp8) (< wpa81)) (&& (< monoandroid) (< net45) (>= netstandard1.3) (< netstandard1.5) (< win8) (< wpa81))
      System.Runtime (>= 4.3) - restriction: || (&& (< monoandroid) (< monotouch) (< net45) (>= netstandard1.5) (< win8) (< wpa81) (< xamarinios) (< xamarinmac) (< xamarintvos) (< xamarinwatchos)) (&& (< monoandroid) (< net45) (>= netstandard1.0) (< netstandard1.3) (< win8) (< wp8) (< wpa81)) (&& (< monoandroid) (< net45) (>= netstandard1.3) (< netstandard1.5) (< win8) (< wpa81))
    System.Reflection.Primitives (4.3) - restriction: || (&& (< monoandroid) (< monotouch) (< net45) (>= netstandard1.5) (< win8) (< wpa81) (< xamarinios) (< xamarinmac) (< xamarintvos) (< xamarinwatchos)) (&& (< monoandroid) (< net45) (>= netstandard1.3) (< netstandard1.5) (< win8) (< wpa81))
      Microsoft.NETCore.Platforms (>= 1.1) - restriction: && (< monoandroid) (< monotouch) (< net45) (>= netstandard1.0) (< win8) (< wp8) (< wpa81) (< xamarinios) (< xamarinmac) (< xamarintvos) (< xamarinwatchos)
      Microsoft.NETCore.Targets (>= 1.1) - restriction: && (< monoandroid) (< monotouch) (< net45) (>= netstandard1.0) (< win8) (< wp8) (< wpa81) (< xamarinios) (< xamarinmac) (< xamarintvos) (< xamarinwatchos)
      System.Runtime (>= 4.3) - restriction: && (< monoandroid) (< monotouch) (< net45) (>= netstandard1.0) (< win8) (< wp8) (< wpa81) (< xamarinios) (< xamarinmac) (< xamarintvos) (< xamarinwatchos)
    System.Resources.ResourceManager (4.3) - restriction: && (< monoandroid) (< monotouch) (< net46) (>= netstandard1.3) (< xamarinios) (< xamarinmac) (< xamarintvos) (< xamarinwatchos)
      Microsoft.NETCore.Platforms (>= 1.1) - restriction: && (< monoandroid) (< monotouch) (< net45) (>= netstandard1.0) (< win8) (< wp8) (< wpa81) (< xamarinios) (< xamarinmac) (< xamarintvos) (< xamarinwatchos)
      Microsoft.NETCore.Targets (>= 1.1) - restriction: && (< monoandroid) (< monotouch) (< net45) (>= netstandard1.0) (< win8) (< wp8) (< wpa81) (< xamarinios) (< xamarinmac) (< xamarintvos) (< xamarinwatchos)
      System.Globalization (>= 4.3) - restriction: && (< monoandroid) (< monotouch) (< net45) (>= netstandard1.0) (< win8) (< wp8) (< wpa81) (< xamarinios) (< xamarinmac) (< xamarintvos) (< xamarinwatchos)
      System.Reflection (>= 4.3) - restriction: && (< monoandroid) (< monotouch) (< net45) (>= netstandard1.0) (< win8) (< wp8) (< wpa81) (< xamarinios) (< xamarinmac) (< xamarintvos) (< xamarinwatchos)
      System.Runtime (>= 4.3) - restriction: && (< monoandroid) (< monotouch) (< net45) (>= netstandard1.0) (< win8) (< wp8) (< wpa81) (< xamarinios) (< xamarinmac) (< xamarintvos) (< xamarinwatchos)
    System.Runtime (4.3.1) - restriction: || (&& (< monoandroid) (< monotouch) (< net45) (>= netstandard1.3) (< win8) (< wpa81) (< xamarinios) (< xamarinmac) (< xamarintvos) (< xamarinwatchos)) (&& (< monoandroid) (< monotouch) (< net46) (>= netstandard1.3) (< xamarinios) (< xamarinmac) (< xamarintvos) (< xamarinwatchos))
      Microsoft.NETCore.Platforms (>= 1.1.1) - restriction: || (&& (< monoandroid) (< monotouch) (< net45) (>= netstandard1.5) (< win8) (< wpa81) (< xamarinios) (< xamarinmac) (< xamarintvos) (< xamarinwatchos)) (&& (< monoandroid) (< net45) (>= netstandard1.0) (< netstandard1.2) (< win8) (< wp8)) (&& (< monoandroid) (< net45) (>= netstandard1.2) (< netstandard1.3) (< win8) (< wpa81)) (&& (< monoandroid) (< net45) (>= netstandard1.3) (< netstandard1.5) (< win8) (< wpa81))
      Microsoft.NETCore.Targets (>= 1.1.3) - restriction: || (&& (< monoandroid) (< monotouch) (< net45) (>= netstandard1.5) (< win8) (< wpa81) (< xamarinios) (< xamarinmac) (< xamarintvos) (< xamarinwatchos)) (&& (< monoandroid) (< net45) (>= netstandard1.0) (< netstandard1.2) (< win8) (< wp8)) (&& (< monoandroid) (< net45) (>= netstandard1.2) (< netstandard1.3) (< win8) (< wpa81)) (&& (< monoandroid) (< net45) (>= netstandard1.3) (< netstandard1.5) (< win8) (< wpa81))
    System.Text.Encoding (4.3) - restriction: || (&& (< monoandroid) (< monotouch) (< net45) (>= netstandard1.5) (< win8) (< wpa81) (< xamarinios) (< xamarinmac) (< xamarintvos) (< xamarinwatchos)) (&& (< monoandroid) (< net45) (>= netstandard1.3) (< netstandard1.5) (< win8) (< wpa81)) (&& (< monoandroid) (< net45) (< netstandard1.3) (>= netstandard1.5) (< win8) (< wpa81))
      Microsoft.NETCore.Platforms (>= 1.1) - restriction: || (&& (< monoandroid) (< monotouch) (< net45) (>= netstandard1.3) (< win8) (< wpa81) (< xamarinios) (< xamarinmac) (< xamarintvos) (< xamarinwatchos)) (&& (< monoandroid) (< net45) (>= netstandard1.0) (< netstandard1.3) (< win8) (< wp8) (< wpa81))
      Microsoft.NETCore.Targets (>= 1.1) - restriction: || (&& (< monoandroid) (< monotouch) (< net45) (>= netstandard1.3) (< win8) (< wpa81) (< xamarinios) (< xamarinmac) (< xamarintvos) (< xamarinwatchos)) (&& (< monoandroid) (< net45) (>= netstandard1.0) (< netstandard1.3) (< win8) (< wp8) (< wpa81))
      System.Runtime (>= 4.3) - restriction: || (&& (< monoandroid) (< monotouch) (< net45) (>= netstandard1.3) (< win8) (< wpa81) (< xamarinios) (< xamarinmac) (< xamarintvos) (< xamarinwatchos)) (&& (< monoandroid) (< net45) (>= netstandard1.0) (< netstandard1.3) (< win8) (< wp8) (< wpa81))
    System.Threading.Tasks (4.3) - restriction: || (&& (< monoandroid) (< monotouch) (< net45) (>= netstandard1.5) (< win8) (< wpa81) (< xamarinios) (< xamarinmac) (< xamarintvos) (< xamarinwatchos)) (&& (< monoandroid) (< monotouch) (< net46) (>= netstandard1.3) (< xamarinios) (< xamarinmac) (< xamarintvos) (< xamarinwatchos)) (&& (< monoandroid) (< net45) (>= netstandard1.3) (< netstandard1.5) (< win8) (< wpa81)) (&& (< monoandroid) (< net45) (< netstandard1.3) (>= netstandard1.5) (< win8) (< wpa81))
      Microsoft.NETCore.Platforms (>= 1.1) - restriction: || (&& (< monoandroid) (< monotouch) (< net45) (>= netstandard1.3) (< win8) (< wpa81) (< xamarinios) (< xamarinmac) (< xamarintvos) (< xamarinwatchos)) (&& (< monoandroid) (< net45) (>= netstandard1.0) (< netstandard1.3) (< win8) (< wp8) (< wpa81))
      Microsoft.NETCore.Targets (>= 1.1) - restriction: || (&& (< monoandroid) (< monotouch) (< net45) (>= netstandard1.3) (< win8) (< wpa81) (< xamarinios) (< xamarinmac) (< xamarintvos) (< xamarinwatchos)) (&& (< monoandroid) (< net45) (>= netstandard1.0) (< netstandard1.3) (< win8) (< wp8) (< wpa81))
      System.Runtime (>= 4.3) - restriction: || (&& (< monoandroid) (< monotouch) (< net45) (>= netstandard1.3) (< win8) (< wpa81) (< xamarinios) (< xamarinmac) (< xamarintvos) (< xamarinwatchos)) (&& (< monoandroid) (< net45) (>= netstandard1.0) (< netstandard1.3) (< win8) (< wp8) (< wpa81))
    Xamarin.AndroidX.Activity (1.1.0.5) - restriction: >= monoandroid10.0
      Xamarin.AndroidX.Annotation (>= 1.1.0.8) - restriction: >= monoandroid9.0
      Xamarin.AndroidX.Core (>= 1.3.2.1) - restriction: >= monoandroid9.0
      Xamarin.AndroidX.Lifecycle.Runtime (>= 2.2.0.4) - restriction: >= monoandroid9.0
      Xamarin.AndroidX.Lifecycle.ViewModel (>= 2.2.0.4) - restriction: >= monoandroid9.0
      Xamarin.AndroidX.Lifecycle.ViewModelSavedState (>= 2.2.0.4) - restriction: >= monoandroid9.0
      Xamarin.AndroidX.SavedState (>= 1.1.0.4-alpha01) - restriction: >= monoandroid9.0
    Xamarin.AndroidX.Annotation (1.1.0.8) - restriction: >= monoandroid10.0
      Xamarin.AndroidX.Migration (>= 1.0.8) - restriction: >= monoandroid9.0
    Xamarin.AndroidX.Annotation.Experimental (1.0.0.8) - restriction: >= monoandroid10.0
    Xamarin.AndroidX.AppCompat (1.2.0.6) - restriction: >= monoandroid10.0
      Xamarin.AndroidX.Annotation (>= 1.1.0.8) - restriction: >= monoandroid9.0
      Xamarin.AndroidX.AppCompat.AppCompatResources (>= 1.2.0.6) - restriction: >= monoandroid9.0
      Xamarin.AndroidX.Core (>= 1.3.2.1) - restriction: >= monoandroid9.0
      Xamarin.AndroidX.CursorAdapter (>= 1.0.0.6) - restriction: >= monoandroid9.0
      Xamarin.AndroidX.DrawerLayout (>= 1.1.1.1) - restriction: >= monoandroid9.0
      Xamarin.AndroidX.Fragment (>= 1.2.5.4) - restriction: >= monoandroid9.0
    Xamarin.AndroidX.AppCompat.AppCompatResources (1.2.0.6) - restriction: >= monoandroid10.0
      Xamarin.AndroidX.Annotation (>= 1.1.0.8) - restriction: >= monoandroid9.0
      Xamarin.AndroidX.Core (>= 1.3.2.1) - restriction: >= monoandroid9.0
      Xamarin.AndroidX.VectorDrawable (>= 1.1.0.6) - restriction: >= monoandroid9.0
      Xamarin.AndroidX.VectorDrawable.Animated (>= 1.1.0.6) - restriction: >= monoandroid9.0
    Xamarin.AndroidX.Arch.Core.Common (2.1.0.7) - restriction: >= monoandroid10.0
      Xamarin.AndroidX.Annotation (>= 1.1.0.8) - restriction: >= monoandroid9.0
    Xamarin.AndroidX.Arch.Core.Runtime (2.1.0.7) - restriction: >= monoandroid10.0
      Xamarin.AndroidX.Annotation (>= 1.1.0.8) - restriction: >= monoandroid9.0
      Xamarin.AndroidX.Arch.Core.Common (>= 2.1.0.7) - restriction: >= monoandroid9.0
    Xamarin.AndroidX.AsyncLayoutInflater (1.0.0.6) - restriction: >= monoandroid10.0
      Xamarin.AndroidX.Annotation (>= 1.1.0.8) - restriction: >= monoandroid9.0
      Xamarin.AndroidX.Core (>= 1.3.2.1) - restriction: >= monoandroid9.0
    Xamarin.AndroidX.Browser (1.3.0.4) - restriction: >= monoandroid10.0
      Xamarin.AndroidX.Annotation (>= 1.1.0.8) - restriction: >= monoandroid9.0
      Xamarin.AndroidX.Core (>= 1.3.2.1) - restriction: >= monoandroid9.0
      Xamarin.Google.Guava.ListenableFuture (>= 1.0.0.2) - restriction: >= monoandroid9.0
    Xamarin.AndroidX.CardView (1.0.0.6) - restriction: >= monoandroid10.0
      Xamarin.AndroidX.Annotation (>= 1.1.0.8) - restriction: >= monoandroid9.0
    Xamarin.AndroidX.Collection (1.1.0.6) - restriction: >= monoandroid10.0
      Xamarin.AndroidX.Annotation (>= 1.1.0.8) - restriction: >= monoandroid9.0
    Xamarin.AndroidX.CoordinatorLayout (1.1.0.6) - restriction: >= monoandroid10.0
      Xamarin.AndroidX.Annotation (>= 1.1.0.8) - restriction: >= monoandroid9.0
      Xamarin.AndroidX.Collection (>= 1.1.0.6) - restriction: >= monoandroid9.0
      Xamarin.AndroidX.Core (>= 1.3.2.1) - restriction: >= monoandroid9.0
      Xamarin.AndroidX.CustomView (>= 1.1.0.4) - restriction: >= monoandroid9.0
    Xamarin.AndroidX.Core (1.3.2.1) - restriction: >= monoandroid10.0
      Xamarin.AndroidX.Annotation (>= 1.1.0.8) - restriction: >= monoandroid9.0
      Xamarin.AndroidX.Lifecycle.Runtime (>= 2.2.0.4) - restriction: >= monoandroid9.0
      Xamarin.AndroidX.VersionedParcelable (>= 1.1.1.6) - restriction: >= monoandroid9.0
    Xamarin.AndroidX.CursorAdapter (1.0.0.6) - restriction: >= monoandroid10.0
      Xamarin.AndroidX.Annotation (>= 1.1.0.8) - restriction: >= monoandroid9.0
    Xamarin.AndroidX.CustomView (1.1.0.4) - restriction: >= monoandroid10.0
      Xamarin.AndroidX.Annotation (>= 1.1.0.8) - restriction: >= monoandroid9.0
      Xamarin.AndroidX.Core (>= 1.3.2.1) - restriction: >= monoandroid9.0
    Xamarin.AndroidX.DocumentFile (1.0.1.6) - restriction: >= monoandroid10.0
      Xamarin.AndroidX.Annotation (>= 1.1.0.8) - restriction: >= monoandroid9.0
    Xamarin.AndroidX.DrawerLayout (1.1.1.1) - restriction: >= monoandroid10.0
      Xamarin.AndroidX.Annotation (>= 1.1.0.8) - restriction: >= monoandroid9.0
      Xamarin.AndroidX.Core (>= 1.3.2.1) - restriction: >= monoandroid9.0
      Xamarin.AndroidX.CustomView (>= 1.1.0.4) - restriction: >= monoandroid9.0
    Xamarin.AndroidX.Fragment (1.2.5.4) - restriction: >= monoandroid10.0
      Xamarin.AndroidX.Activity (>= 1.1.0.5) - restriction: >= monoandroid9.0
      Xamarin.AndroidX.Annotation (>= 1.1.0.8) - restriction: >= monoandroid9.0
      Xamarin.AndroidX.Collection (>= 1.1.0.6) - restriction: >= monoandroid9.0
      Xamarin.AndroidX.Core (>= 1.3.2.1) - restriction: >= monoandroid9.0
      Xamarin.AndroidX.Lifecycle.LiveData.Core (>= 2.2.0.4) - restriction: >= monoandroid9.0
      Xamarin.AndroidX.Lifecycle.ViewModel (>= 2.2.0.4) - restriction: >= monoandroid9.0
      Xamarin.AndroidX.Lifecycle.ViewModelSavedState (>= 2.2.0.4) - restriction: >= monoandroid9.0
      Xamarin.AndroidX.Loader (>= 1.1.0.6) - restriction: >= monoandroid9.0
      Xamarin.AndroidX.SavedState (>= 1.1.0.4-alpha01) - restriction: >= monoandroid9.0
      Xamarin.AndroidX.ViewPager (>= 1.0.0.6) - restriction: >= monoandroid9.0
    Xamarin.AndroidX.Interpolator (1.0.0.6) - restriction: >= monoandroid10.0
      Xamarin.AndroidX.Annotation (>= 1.1.0.8) - restriction: >= monoandroid9.0
    Xamarin.AndroidX.Legacy.Support.Core.UI (1.0.0.7) - restriction: >= monoandroid10.0
      Xamarin.AndroidX.Annotation (>= 1.1.0.8) - restriction: >= monoandroid9.0
      Xamarin.AndroidX.AsyncLayoutInflater (>= 1.0.0.6) - restriction: >= monoandroid9.0
      Xamarin.AndroidX.CoordinatorLayout (>= 1.1.0.6) - restriction: >= monoandroid9.0
      Xamarin.AndroidX.Core (>= 1.3.2.1) - restriction: >= monoandroid9.0
      Xamarin.AndroidX.CursorAdapter (>= 1.0.0.6) - restriction: >= monoandroid9.0
      Xamarin.AndroidX.CustomView (>= 1.1.0.4) - restriction: >= monoandroid9.0
      Xamarin.AndroidX.DrawerLayout (>= 1.1.1.1) - restriction: >= monoandroid9.0
      Xamarin.AndroidX.Interpolator (>= 1.0.0.6) - restriction: >= monoandroid9.0
      Xamarin.AndroidX.Legacy.Support.Core.Utils (>= 1.0.0.6) - restriction: >= monoandroid9.0
      Xamarin.AndroidX.SlidingPaneLayout (>= 1.1.0.1) - restriction: >= monoandroid9.0
      Xamarin.AndroidX.SwipeRefreshLayout (>= 1.1.0.1) - restriction: >= monoandroid9.0
      Xamarin.AndroidX.ViewPager (>= 1.0.0.6) - restriction: >= monoandroid9.0
    Xamarin.AndroidX.Legacy.Support.Core.Utils (1.0.0.6) - restriction: >= monoandroid10.0
      Xamarin.AndroidX.Annotation (>= 1.1.0.8) - restriction: >= monoandroid9.0
      Xamarin.AndroidX.Core (>= 1.3.2.1) - restriction: >= monoandroid9.0
      Xamarin.AndroidX.DocumentFile (>= 1.0.1.6) - restriction: >= monoandroid9.0
      Xamarin.AndroidX.Loader (>= 1.1.0.6) - restriction: >= monoandroid9.0
      Xamarin.AndroidX.LocalBroadcastManager (>= 1.0.0.6) - restriction: >= monoandroid9.0
      Xamarin.AndroidX.Print (>= 1.0.0.6) - restriction: >= monoandroid9.0
    Xamarin.AndroidX.Legacy.Support.V4 (1.0.0.6) - restriction: >= monoandroid10.0
      Xamarin.AndroidX.Core (>= 1.3.2.1) - restriction: >= monoandroid9.0
      Xamarin.AndroidX.Fragment (>= 1.2.5.4) - restriction: >= monoandroid9.0
      Xamarin.AndroidX.Legacy.Support.Core.UI (>= 1.0.0.7) - restriction: >= monoandroid9.0
      Xamarin.AndroidX.Legacy.Support.Core.Utils (>= 1.0.0.6) - restriction: >= monoandroid9.0
      Xamarin.AndroidX.Media (>= 1.2.1.1) - restriction: >= monoandroid9.0
    Xamarin.AndroidX.Lifecycle.Common (2.2.0.4) - restriction: >= monoandroid10.0
      Xamarin.AndroidX.Annotation (>= 1.1.0.8) - restriction: >= monoandroid9.0
    Xamarin.AndroidX.Lifecycle.LiveData (2.2.0.4) - restriction: >= monoandroid10.0
      Xamarin.AndroidX.Arch.Core.Common (>= 2.1.0.7) - restriction: >= monoandroid9.0
      Xamarin.AndroidX.Arch.Core.Runtime (>= 2.1.0.7) - restriction: >= monoandroid9.0
      Xamarin.AndroidX.Lifecycle.LiveData.Core (>= 2.2.0.4) - restriction: >= monoandroid9.0
    Xamarin.AndroidX.Lifecycle.LiveData.Core (2.2.0.4) - restriction: >= monoandroid10.0
      Xamarin.AndroidX.Arch.Core.Common (>= 2.1.0.7) - restriction: >= monoandroid9.0
      Xamarin.AndroidX.Arch.Core.Runtime (>= 2.1.0.7) - restriction: >= monoandroid9.0
      Xamarin.AndroidX.Lifecycle.Common (>= 2.2.0.4) - restriction: >= monoandroid9.0
    Xamarin.AndroidX.Lifecycle.Runtime (2.2.0.4) - restriction: >= monoandroid10.0
      Xamarin.AndroidX.Annotation (>= 1.1.0.8) - restriction: >= monoandroid9.0
      Xamarin.AndroidX.Arch.Core.Common (>= 2.1.0.7) - restriction: >= monoandroid9.0
      Xamarin.AndroidX.Lifecycle.Common (>= 2.2.0.4) - restriction: >= monoandroid9.0
    Xamarin.AndroidX.Lifecycle.ViewModel (2.2.0.4) - restriction: >= monoandroid10.0
      Xamarin.AndroidX.Annotation (>= 1.1.0.8) - restriction: >= monoandroid9.0
    Xamarin.AndroidX.Lifecycle.ViewModelSavedState (2.2.0.4) - restriction: >= monoandroid10.0
      Xamarin.AndroidX.Annotation (>= 1.1.0.8) - restriction: >= monoandroid9.0
      Xamarin.AndroidX.Lifecycle.LiveData.Core (>= 2.2.0.4) - restriction: >= monoandroid9.0
      Xamarin.AndroidX.Lifecycle.ViewModel (>= 2.2.0.4) - restriction: >= monoandroid9.0
      Xamarin.AndroidX.SavedState (>= 1.1.0.4-alpha01) - restriction: >= monoandroid9.0
    Xamarin.AndroidX.Loader (1.1.0.6) - restriction: >= monoandroid10.0
      Xamarin.AndroidX.Annotation (>= 1.1.0.8) - restriction: >= monoandroid9.0
      Xamarin.AndroidX.Collection (>= 1.1.0.6) - restriction: >= monoandroid9.0
      Xamarin.AndroidX.Core (>= 1.3.2.1) - restriction: >= monoandroid9.0
      Xamarin.AndroidX.Lifecycle.LiveData.Core (>= 2.2.0.4) - restriction: >= monoandroid9.0
      Xamarin.AndroidX.Lifecycle.ViewModel (>= 2.2.0.4) - restriction: >= monoandroid9.0
    Xamarin.AndroidX.LocalBroadcastManager (1.0.0.6) - restriction: >= monoandroid10.0
      Xamarin.AndroidX.Annotation (>= 1.1.0.8) - restriction: >= monoandroid9.0
    Xamarin.AndroidX.Media (1.2.1.1) - restriction: >= monoandroid10.0
      Xamarin.AndroidX.Core (>= 1.3.2.1) - restriction: >= monoandroid9.0
    Xamarin.AndroidX.Migration (1.0.8) - restriction: >= monoandroid10.0
      Xamarin.AndroidX.MultiDex (>= 2.0.1.5) - restriction: >= monoandroid9.0
    Xamarin.AndroidX.MultiDex (2.0.1.6) - restriction: >= monoandroid10.0
    Xamarin.AndroidX.Print (1.0.0.6) - restriction: >= monoandroid10.0
      Xamarin.AndroidX.Annotation (>= 1.1.0.8) - restriction: >= monoandroid9.0
    Xamarin.AndroidX.RecyclerView (1.1.0.6) - restriction: >= monoandroid10.0
      Xamarin.AndroidX.Annotation (>= 1.1.0.8) - restriction: >= monoandroid9.0
      Xamarin.AndroidX.Collection (>= 1.1.0.6) - restriction: >= monoandroid9.0
      Xamarin.AndroidX.Core (>= 1.3.2.1) - restriction: >= monoandroid9.0
      Xamarin.AndroidX.CustomView (>= 1.1.0.4) - restriction: >= monoandroid9.0
    Xamarin.AndroidX.SavedState (1.1.0.4-alpha01) - restriction: >= monoandroid10.0
      Xamarin.AndroidX.Annotation (>= 1.1.0.8) - restriction: >= monoandroid9.0
      Xamarin.AndroidX.Lifecycle.Common (>= 2.2.0.4) - restriction: >= monoandroid9.0
    Xamarin.AndroidX.SlidingPaneLayout (1.1.0.1) - restriction: >= monoandroid10.0
      Xamarin.AndroidX.Annotation (>= 1.1.0.8) - restriction: >= monoandroid9.0
      Xamarin.AndroidX.CustomView (>= 1.1.0.4) - restriction: >= monoandroid9.0
    Xamarin.AndroidX.SwipeRefreshLayout (1.1.0.1) - restriction: >= monoandroid10.0
      Xamarin.AndroidX.Annotation (>= 1.1.0.8) - restriction: >= monoandroid9.0
      Xamarin.AndroidX.Core (>= 1.3.2.1) - restriction: >= monoandroid9.0
      Xamarin.AndroidX.Interpolator (>= 1.0.0.6) - restriction: >= monoandroid9.0
    Xamarin.AndroidX.Transition (1.3.1.6) - restriction: >= monoandroid10.0
      Xamarin.AndroidX.Annotation (>= 1.1.0.8) - restriction: >= monoandroid9.0
      Xamarin.AndroidX.Collection (>= 1.1.0.6) - restriction: >= monoandroid9.0
      Xamarin.AndroidX.Core (>= 1.3.2.1) - restriction: >= monoandroid9.0
      Xamarin.AndroidX.Fragment (>= 1.2.5.4) - restriction: >= monoandroid9.0
      Xamarin.AndroidX.Lifecycle.Runtime (>= 2.2.0.4) - restriction: >= monoandroid9.0
    Xamarin.AndroidX.VectorDrawable (1.1.0.6) - restriction: >= monoandroid10.0
      Xamarin.AndroidX.Annotation (>= 1.1.0.8) - restriction: >= monoandroid9.0
      Xamarin.AndroidX.Collection (>= 1.1.0.6) - restriction: >= monoandroid9.0
      Xamarin.AndroidX.Core (>= 1.3.2.1) - restriction: >= monoandroid9.0
    Xamarin.AndroidX.VectorDrawable.Animated (1.1.0.6) - restriction: >= monoandroid10.0
      Xamarin.AndroidX.Collection (>= 1.1.0.6) - restriction: >= monoandroid9.0
      Xamarin.AndroidX.Interpolator (>= 1.0.0.6) - restriction: >= monoandroid9.0
      Xamarin.AndroidX.VectorDrawable (>= 1.1.0.6) - restriction: >= monoandroid9.0
    Xamarin.AndroidX.VersionedParcelable (1.1.1.6) - restriction: >= monoandroid10.0
      Xamarin.AndroidX.Annotation (>= 1.1.0.8) - restriction: >= monoandroid9.0
      Xamarin.AndroidX.Collection (>= 1.1.0.6) - restriction: >= monoandroid9.0
    Xamarin.AndroidX.ViewPager (1.0.0.6) - restriction: >= monoandroid10.0
      Xamarin.AndroidX.Annotation (>= 1.1.0.8) - restriction: >= monoandroid9.0
      Xamarin.AndroidX.Core (>= 1.3.2.1) - restriction: >= monoandroid9.0
      Xamarin.AndroidX.CustomView (>= 1.1.0.4) - restriction: >= monoandroid9.0
    Xamarin.AndroidX.ViewPager2 (1.0.0.8) - restriction: >= monoandroid10.0
      Xamarin.AndroidX.Annotation (>= 1.1.0.8) - restriction: >= monoandroid9.0
      Xamarin.AndroidX.Collection (>= 1.1.0.6) - restriction: >= monoandroid9.0
      Xamarin.AndroidX.Core (>= 1.3.2.1) - restriction: >= monoandroid9.0
      Xamarin.AndroidX.Fragment (>= 1.2.5.4) - restriction: >= monoandroid9.0
      Xamarin.AndroidX.RecyclerView (>= 1.1.0.6) - restriction: >= monoandroid9.0
    Xamarin.Forms (5.0.0.1931) - restriction: >= netstandard2.0
      Xamarin.AndroidX.Browser (>= 1.3) - restriction: >= monoandroid10.0
      Xamarin.AndroidX.Legacy.Support.V4 (>= 1.0.0.6) - restriction: >= monoandroid10.0
      Xamarin.AndroidX.Lifecycle.LiveData (>= 2.2.0.4) - restriction: >= monoandroid10.0
      Xamarin.Google.Android.Material (>= 1.1.0.5) - restriction: >= monoandroid10.0
    Xamarin.Google.Android.Material (1.2.1.1) - restriction: >= monoandroid10.0
      Xamarin.AndroidX.Annotation (>= 1.1.0.8) - restriction: >= monoandroid9.0
      Xamarin.AndroidX.Annotation.Experimental (>= 1.0.0.8) - restriction: >= monoandroid9.0
      Xamarin.AndroidX.AppCompat (>= 1.2.0.6) - restriction: >= monoandroid9.0
      Xamarin.AndroidX.CardView (>= 1.0.0.6) - restriction: >= monoandroid9.0
      Xamarin.AndroidX.CoordinatorLayout (>= 1.1.0.6) - restriction: >= monoandroid9.0
      Xamarin.AndroidX.Core (>= 1.3.2.1) - restriction: >= monoandroid9.0
      Xamarin.AndroidX.Fragment (>= 1.2.5.4) - restriction: >= monoandroid9.0
      Xamarin.AndroidX.Lifecycle.Runtime (>= 2.2.0.4) - restriction: >= monoandroid9.0
      Xamarin.AndroidX.RecyclerView (>= 1.1.0.6) - restriction: >= monoandroid9.0
      Xamarin.AndroidX.Transition (>= 1.3.1.6) - restriction: >= monoandroid9.0
      Xamarin.AndroidX.VectorDrawable (>= 1.1.0.6) - restriction: >= monoandroid9.0
      Xamarin.AndroidX.ViewPager2 (>= 1.0.0.8) - restriction: >= monoandroid9.0
    Xamarin.Google.Guava.ListenableFuture (1.0.0.2) - restriction: >= monoandroid10.0

GROUP Giraffe
STORAGE: NONE
RESTRICTION: || (== net50) (== netstandard2.0)
NUGET
  remote: https://api.nuget.org/v3/index.json
    FSharp.Core (5.0) - restriction: || (== net50) (&& (== netstandard2.0) (>= net50))
    Giraffe (5.0.0-rc-6)
      FSharp.Core (>= 5.0) - restriction: || (== net50) (&& (== netstandard2.0) (>= net50))
      Giraffe.ViewEngine (>= 1.3) - restriction: || (== net50) (&& (== netstandard2.0) (>= net50))
      Microsoft.IO.RecyclableMemoryStream (>= 1.3.6) - restriction: || (== net50) (&& (== netstandard2.0) (>= net50))
      Newtonsoft.Json (>= 12.0.3) - restriction: || (== net50) (&& (== netstandard2.0) (>= net50))
      Ply (>= 0.3.1) - restriction: || (== net50) (&& (== netstandard2.0) (>= net50))
      System.Text.Json (>= 5.0) - restriction: || (== net50) (&& (== netstandard2.0) (>= net50))
      Utf8Json (>= 1.3.7) - restriction: || (== net50) (&& (== netstandard2.0) (>= net50))
    Giraffe.ViewEngine (1.3) - restriction: || (== net50) (&& (== netstandard2.0) (>= net50))
      FSharp.Core (>= 5.0) - restriction: || (== net50) (&& (== netstandard2.0) (>= net50))
    Microsoft.AspNetCore.Http.Abstractions (2.2)
      Microsoft.AspNetCore.Http.Features (>= 2.2)
      System.Text.Encodings.Web (>= 4.5)
    Microsoft.AspNetCore.Http.Extensions (2.2)
      Microsoft.AspNetCore.Http.Abstractions (>= 2.2)
      Microsoft.Extensions.FileProviders.Abstractions (>= 2.2)
      Microsoft.Net.Http.Headers (>= 2.2)
      System.Buffers (>= 4.5)
    Microsoft.AspNetCore.Http.Features (5.0.2)
      Microsoft.Extensions.Primitives (>= 5.0)
      System.IO.Pipelines (>= 5.0.1)
    Microsoft.AspNetCore.WebSockets (2.2.1)
      Microsoft.AspNetCore.Http.Extensions (>= 2.2)
      Microsoft.Extensions.Logging.Abstractions (>= 2.2)
      Microsoft.Extensions.Options (>= 2.2)
      System.Net.WebSockets.WebSocketProtocol (>= 4.5.3)
    Microsoft.Extensions.DependencyInjection.Abstractions (5.0)
    Microsoft.Extensions.FileProviders.Abstractions (5.0)
      Microsoft.Extensions.Primitives (>= 5.0)
    Microsoft.Extensions.Logging.Abstractions (5.0)
    Microsoft.Extensions.Options (5.0)
      Microsoft.Extensions.DependencyInjection.Abstractions (>= 5.0)
      Microsoft.Extensions.Primitives (>= 5.0)
    Microsoft.Extensions.Primitives (5.0)
      System.Buffers (>= 4.5.1) - restriction: || (&& (== net50) (>= monotouch)) (&& (== net50) (>= net461)) (&& (== net50) (< netcoreapp2.0)) (&& (== net50) (>= xamarinios)) (&& (== net50) (>= xamarinmac)) (&& (== net50) (>= xamarintvos)) (&& (== net50) (>= xamarinwatchos)) (== netstandard2.0)
      System.Memory (>= 4.5.4) - restriction: || (&& (== net50) (>= net461)) (&& (== net50) (< netcoreapp2.0)) (&& (== net50) (< netcoreapp2.1)) (&& (== net50) (>= uap10.1)) (== netstandard2.0)
      System.Runtime.CompilerServices.Unsafe (>= 5.0) - restriction: || (&& (== net50) (>= monotouch)) (&& (== net50) (>= net461)) (&& (== net50) (< netcoreapp2.0)) (&& (== net50) (< netcoreapp2.1)) (&& (== net50) (< netcoreapp3.0)) (&& (== net50) (>= uap10.1)) (&& (== net50) (>= xamarinios)) (&& (== net50) (>= xamarinmac)) (&& (== net50) (>= xamarintvos)) (&& (== net50) (>= xamarinwatchos)) (== netstandard2.0)
    Microsoft.IO.RecyclableMemoryStream (1.4) - restriction: || (== net50) (&& (== netstandard2.0) (>= net50))
    Microsoft.Net.Http.Headers (2.2.8)
      Microsoft.Extensions.Primitives (>= 2.2)
      System.Buffers (>= 4.5)
    Newtonsoft.Json (12.0.3) - restriction: || (== net50) (&& (== netstandard2.0) (>= net50))
    Ply (0.3.1) - restriction: || (== net50) (&& (== netstandard2.0) (>= net50))
      FSharp.Core (>= 4.6.2)
      System.Threading.Tasks.Extensions (>= 4.5.4)
    System.Buffers (4.5.1)
    System.IO.Pipelines (5.0.1)
      System.Buffers (>= 4.5.1) - restriction: || (&& (== net50) (>= monotouch)) (&& (== net50) (>= net461)) (&& (== net50) (< netcoreapp2.0)) (&& (== net50) (< netstandard2.0)) (&& (== net50) (>= xamarinios)) (&& (== net50) (>= xamarinmac)) (&& (== net50) (>= xamarintvos)) (&& (== net50) (>= xamarinwatchos)) (== netstandard2.0)
      System.Memory (>= 4.5.4) - restriction: || (&& (== net50) (>= net461)) (&& (== net50) (< netcoreapp2.0)) (&& (== net50) (< netcoreapp2.1)) (&& (== net50) (< netstandard2.0)) (&& (== net50) (>= uap10.1)) (== netstandard2.0)
      System.Threading.Tasks.Extensions (>= 4.5.4) - restriction: || (&& (== net50) (>= net461)) (&& (== net50) (< netcoreapp2.0)) (&& (== net50) (< netcoreapp2.1)) (&& (== net50) (< netstandard2.0)) (&& (== net50) (>= uap10.1)) (== netstandard2.0)
    System.Memory (4.5.4) - restriction: || (&& (== net50) (>= net461)) (&& (== net50) (< netcoreapp2.0)) (&& (== net50) (< netcoreapp2.1)) (&& (== net50) (>= uap10.1)) (== netstandard2.0)
      System.Buffers (>= 4.5.1) - restriction: || (&& (== net50) (>= monotouch)) (&& (== net50) (>= net461)) (&& (== net50) (< netcoreapp2.0)) (&& (== net50) (< netstandard1.1)) (&& (== net50) (< netstandard2.0)) (&& (== net50) (>= xamarinios)) (&& (== net50) (>= xamarinmac)) (&& (== net50) (>= xamarintvos)) (&& (== net50) (>= xamarinwatchos)) (== netstandard2.0)
      System.Numerics.Vectors (>= 4.4) - restriction: || (&& (== net50) (< netcoreapp2.0)) (== netstandard2.0)
      System.Runtime.CompilerServices.Unsafe (>= 4.5.3) - restriction: || (&& (== net50) (>= monotouch)) (&& (== net50) (>= net461)) (&& (== net50) (< netcoreapp2.0)) (&& (== net50) (< netcoreapp2.1)) (&& (== net50) (< netstandard1.1)) (&& (== net50) (< netstandard2.0)) (&& (== net50) (>= uap10.1)) (&& (== net50) (>= xamarinios)) (&& (== net50) (>= xamarinmac)) (&& (== net50) (>= xamarintvos)) (&& (== net50) (>= xamarinwatchos)) (== netstandard2.0)
    System.Net.WebSockets.WebSocketProtocol (5.0)
      System.Buffers (>= 4.5.1) - restriction: || (&& (== net50) (>= monotouch)) (&& (== net50) (>= net461)) (&& (== net50) (< netcoreapp2.0)) (&& (== net50) (>= xamarinios)) (&& (== net50) (>= xamarinmac)) (&& (== net50) (>= xamarintvos)) (&& (== net50) (>= xamarinwatchos)) (== netstandard2.0)
      System.Memory (>= 4.5.4) - restriction: || (&& (== net50) (>= net461)) (&& (== net50) (< netcoreapp2.0)) (&& (== net50) (< netcoreapp2.1)) (&& (== net50) (>= uap10.1)) (== netstandard2.0)
      System.Numerics.Vectors (>= 4.5) - restriction: || (&& (== net50) (>= net461)) (&& (== net50) (< netcoreapp2.0)) (== netstandard2.0)
      System.Runtime.CompilerServices.Unsafe (>= 5.0) - restriction: || (&& (== net50) (>= monotouch)) (&& (== net50) (>= net461)) (&& (== net50) (< netcoreapp2.0)) (&& (== net50) (< netcoreapp2.1)) (&& (== net50) (>= uap10.1)) (&& (== net50) (>= xamarinios)) (&& (== net50) (>= xamarinmac)) (&& (== net50) (>= xamarintvos)) (&& (== net50) (>= xamarinwatchos)) (== netstandard2.0)
      System.Threading.Tasks.Extensions (>= 4.5.4) - restriction: || (&& (== net50) (>= net461)) (&& (== net50) (< netcoreapp2.0)) (&& (== net50) (< netcoreapp2.1)) (&& (== net50) (>= uap10.1)) (== netstandard2.0)
    System.Numerics.Vectors (4.5) - restriction: || (&& (== net50) (>= net461)) (&& (== net50) (< netcoreapp2.0)) (== netstandard2.0)
    System.Reflection.Emit (4.7) - restriction: || (== net50) (&& (== netstandard2.0) (>= net50))
    System.Reflection.Emit.Lightweight (4.7) - restriction: || (== net50) (&& (== netstandard2.0) (>= net50))
    System.Runtime.CompilerServices.Unsafe (5.0) - restriction: || (&& (== net50) (>= monotouch)) (&& (== net50) (>= net461)) (&& (== net50) (< netcoreapp2.0)) (&& (== net50) (< netcoreapp2.1)) (&& (== net50) (>= uap10.1)) (&& (== net50) (>= xamarinios)) (&& (== net50) (>= xamarinmac)) (&& (== net50) (>= xamarintvos)) (&& (== net50) (>= xamarinwatchos)) (== netstandard2.0)
    System.Text.Encodings.Web (5.0)
      System.Memory (>= 4.5.4) - restriction: || (&& (== net50) (>= net461)) (&& (== net50) (< netcoreapp2.1) (< netstandard2.1)) (&& (== net50) (>= uap10.1)) (== netstandard2.0)
    System.Text.Json (5.0.1) - restriction: || (== net50) (&& (== netstandard2.0) (>= net50))
    System.Threading.Tasks.Extensions (4.5.4)
    System.ValueTuple (4.5) - restriction: || (== net50) (&& (== netstandard2.0) (>= net50))
    Utf8Json (1.3.7) - restriction: || (== net50) (&& (== netstandard2.0) (>= net50))
      System.Reflection.Emit (>= 4.3)
      System.Reflection.Emit.Lightweight (>= 4.3)
      System.Threading.Tasks.Extensions (>= 4.4)
      System.ValueTuple (>= 4.4)

GROUP Server
STORAGE: NONE
RESTRICTION: || (== net50) (== netstandard2.0)
NUGET
  remote: https://api.nuget.org/v3/index.json
    Elmish (3.1)
      FSharp.Core (>= 4.6.2)
    Fable.Remoting.Json (2.13)
      FSharp.Core (>= 4.7.2)
      Newtonsoft.Json (>= 12.0.2)
    FSharp.Core (5.0)
    Newtonsoft.Json (12.0.3)

GROUP Shared
STORAGE: NONE
NUGET
  remote: https://api.nuget.org/v3/index.json
    Fable.Browser.Blob (1.1) - restriction: >= netstandard2.0
      Fable.Core (>= 3.0) - restriction: >= netstandard2.0
      FSharp.Core (>= 4.6.2) - restriction: >= netstandard2.0
    Fable.Browser.Dom (2.2)
      Fable.Browser.Blob (>= 1.1) - restriction: >= netstandard2.0
      Fable.Browser.Event (>= 1.2.1) - restriction: >= netstandard2.0
      Fable.Browser.WebStorage (>= 1.0) - restriction: >= netstandard2.0
      Fable.Core (>= 3.0) - restriction: >= netstandard2.0
      FSharp.Core (>= 4.7.2) - restriction: >= netstandard2.0
    Fable.Browser.Event (1.2.1) - restriction: >= netstandard2.0
      Fable.Core (>= 3.0) - restriction: >= netstandard2.0
      FSharp.Core (>= 4.7) - restriction: >= netstandard2.0
    Fable.Browser.Url (1.0)
      Fable.Core (>= 3.0) - restriction: >= netstandard2.0
      FSharp.Core (>= 4.5.2) - restriction: >= netstandard2.0
    Fable.Browser.WebSocket (1.0.1)
      Fable.Browser.Event (>= 1.2.1) - restriction: >= netstandard2.0
      Fable.Core (>= 3.0) - restriction: >= netstandard2.0
      FSharp.Core (>= 4.7) - restriction: >= netstandard2.0
    Fable.Browser.WebStorage (1.0) - restriction: >= netstandard2.0
      Fable.Browser.Event (>= 1.0) - restriction: >= netstandard2.0
      Fable.Core (>= 3.0) - restriction: >= netstandard2.0
      FSharp.Core (>= 4.5.2) - restriction: >= netstandard2.0
    Fable.Core (3.2.3)
      FSharp.Core (>= 4.7.2) - restriction: >= netstandard2.0
    Fable.Elmish (3.1)
      Fable.Core (>= 3.0) - restriction: >= netstandard2.0
      FSharp.Core (>= 4.6.2) - restriction: >= netstandard2.0
    Fable.Parsimmon (4.1) - restriction: >= netstandard2.0
      Fable.Core (>= 3.0) - restriction: >= netstandard2.0
      FSharp.Core (>= 4.6.2) - restriction: >= netstandard2.0
    Fable.SimpleJson (3.17)
      Fable.Core (>= 3.1.5) - restriction: >= netstandard2.0
      Fable.Parsimmon (>= 4.0) - restriction: >= netstandard2.0
      FSharp.Core (>= 4.7) - restriction: >= netstandard2.0
    FSharp.Core (5.0)

GROUP Suave
STORAGE: NONE
NUGET
  remote: https://api.nuget.org/v3/index.json
    FSharp.Core (5.0) - restriction: >= netstandard2.1
    Suave (2.6)
      FSharp.Core  - restriction: >= netstandard2.1
